GEM
  remote: https://rubygems.org/
  specs:
    git (1.3.0)
    json (2.1.0)
    rake (13.0.0)

PLATFORMS
  ruby

DEPENDENCIES
  git
  json
  rake

BUNDLED WITH
   2.1.4
